STORAGE: NONE
NUGET
  remote: https://api.nuget.org/v3/index.json
    Dapper (2.1.66) - restriction: >= net8.0
    Dapper.FSharp (4.9)
      Dapper (>= 2.1.35) - restriction: >= net8.0
      FSharp.Core (>= 8.0.200) - restriction: >= net8.0
    dbup-core (6.0.4) - restriction: >= netstandard2.0
      Microsoft.Extensions.Logging.Abstractions (>= 8.0) - restriction: >= netstandard2.0
    dbup-sqlite (6.0.1)
      dbup-core (>= 6.0.4) - restriction: >= netstandard2.0
      Microsoft.Data.Sqlite.Core (>= 9.0) - restriction: >= netstandard2.0
    FSharp.Core (9.0.303) - restriction: >= net8.0
    Microsoft.Bcl.AsyncInterfaces (9.0.9) - restriction: || (&& (>= net462) (>= netstandard2.0)) (&& (>= netstandard2.0) (< netstandard2.1))
      System.Threading.Tasks.Extensions (>= 4.5.4) - restriction: || (>= net462) (&& (>= netstandard2.0) (< netstandard2.1))
    Microsoft.Data.Sqlite (9.0.9)
      Microsoft.Data.Sqlite.Core (>= 9.0.9) - restriction: >= netstandard2.0
      SQLitePCLRaw.bundle_e_sqlite3 (>= 2.1.10) - restriction: >= netstandard2.0
      SQLitePCLRaw.core (>= 2.1.10) - restriction: >= netstandard2.0
    Microsoft.Data.Sqlite.Core (9.0.9) - restriction: >= netstandard2.0
      SQLitePCLRaw.core (>= 2.1.10) - restriction: >= netstandard2.0
    Microsoft.Extensions.DependencyInjection.Abstractions (9.0.9) - restriction: >= netstandard2.0
      Microsoft.Bcl.AsyncInterfaces (>= 9.0.9) - restriction: || (>= net462) (&& (>= netstandard2.0) (< netstandard2.1))
      System.Threading.Tasks.Extensions (>= 4.5.4) - restriction: || (>= net462) (&& (>= netstandard2.0) (< netstandard2.1))
    Microsoft.Extensions.Logging.Abstractions (9.0.9) - restriction: >= netstandard2.0
      Microsoft.Extensions.DependencyInjection.Abstractions (>= 9.0.9) - restriction: || (>= net462) (>= netstandard2.0)
      System.Buffers (>= 4.5.1) - restriction: || (>= net462) (&& (< net8.0) (>= netstandard2.0))
      System.Diagnostics.DiagnosticSource (>= 9.0.9) - restriction: || (>= net462) (&& (>= net8.0) (< net9.0)) (&& (< net8.0) (>= netstandard2.0))
      System.Memory (>= 4.5.5) - restriction: || (>= net462) (&& (< net8.0) (>= netstandard2.0))
    SourceGear.sqlite3 (3.50.4.2) - restriction: >= netstandard2.0
    SQLitePCLRaw.bundle_e_sqlite3 (3.0.2) - restriction: >= netstandard2.0
      SourceGear.sqlite3 (>= 3.50.4.2) - restriction: >= netstandard2.0
      SQLitePCLRaw.config.e_sqlite3 (>= 3.0.2) - restriction: >= netstandard2.0
    SQLitePCLRaw.config.e_sqlite3 (3.0.2) - restriction: >= netstandard2.0
      SQLitePCLRaw.provider.e_sqlite3 (>= 3.0.2) - restriction: || (>= net471) (&& (>= net8.0) (< net8.0-ios) (< net8.0-tvos)) (&& (< net8.0) (>= netstandard2.0))
      SQLitePCLRaw.provider.internal (>= 3.0.2) - restriction: || (>= net8.0-ios) (>= net8.0-tvos)
    SQLitePCLRaw.core (3.0.2) - restriction: >= netstandard2.0
      System.Memory (>= 4.6.3) - restriction: >= netstandard2.0
    SQLitePCLRaw.provider.e_sqlite3 (3.0.2) - restriction: || (>= net471) (&& (>= net8.0) (< net8.0-ios) (< net8.0-tvos)) (&& (< net8.0) (>= netstandard2.0))
      SQLitePCLRaw.core (>= 3.0.2) - restriction: >= netstandard2.0
    SQLitePCLRaw.provider.internal (3.0.2) - restriction: || (>= net8.0-ios) (>= net8.0-tvos)
      SQLitePCLRaw.core (>= 3.0.2) - restriction: >= net8.0
    System.Buffers (4.6.1) - restriction: || (&& (>= net462) (>= netstandard2.0)) (&& (< net8.0) (>= netstandard2.0)) (&& (< netcoreapp2.1) (>= netstandard2.0) (< netstandard2.1))
    System.Diagnostics.DiagnosticSource (9.0.9) - restriction: || (&& (>= net462) (>= netstandard2.0)) (&& (>= net8.0) (< net9.0)) (&& (< net8.0) (>= netstandard2.0))
      System.Memory (>= 4.5.5) - restriction: || (>= net462) (&& (< net8.0) (>= netstandard2.0))
      System.Runtime.CompilerServices.Unsafe (>= 6.0) - restriction: || (>= net462) (&& (< net8.0) (>= netstandard2.0))
    System.Memory (4.6.3) - restriction: >= netstandard2.0
      System.Buffers (>= 4.6.1) - restriction: || (>= net462) (&& (< netcoreapp2.1) (>= netstandard2.0) (< netstandard2.1))
      System.Numerics.Vectors (>= 4.6.1) - restriction: || (>= net462) (&& (< netcoreapp2.1) (>= netstandard2.0) (< netstandard2.1))
      System.Runtime.CompilerServices.Unsafe (>= 6.1.2) - restriction: || (>= net462) (&& (< netcoreapp2.1) (>= netstandard2.0) (< netstandard2.1))
    System.Numerics.Vectors (4.6.1) - restriction: || (&& (>= net462) (>= netstandard2.0)) (&& (< netcoreapp2.1) (>= netstandard2.0) (< netstandard2.1))
    System.Runtime.CompilerServices.Unsafe (6.1.2) - restriction: || (&& (>= net462) (>= net8.0)) (&& (>= net462) (>= netstandard2.0)) (&& (< net8.0) (>= netstandard2.0)) (&& (< netcoreapp2.1) (>= netstandard2.0) (< netstandard2.1))
    System.Threading.Tasks.Extensions (4.6.3) - restriction: || (&& (>= net462) (>= netstandard2.0)) (&& (>= netstandard2.0) (< netstandard2.1))
      System.Runtime.CompilerServices.Unsafe (>= 6.1.2) - restriction: || (>= net462) (&& (< netcoreapp2.1) (>= netstandard2.0) (< netstandard2.1))
